GEM
  remote: http://rubygems.org/
  specs:
    aws-sdk (1.8.0)
      httparty (~> 0.7)
      json (~> 1.4)
      nokogiri (>= 1.4.4)
      uuidtools (~> 2.1)
    celluloid (0.12.4)
      facter (>= 1.6.12)
      timers (>= 1.0.0)
    facter (1.6.17)
    httparty (0.10.0)
      multi_json (~> 1.0)
      multi_xml
    json (1.5.4)
    multi_json (1.5.0)
    multi_xml (0.5.2)
    nokogiri (1.5.6)
    timers (1.1.0)
    uuidtools (2.1.3)

PLATFORMS
  ruby

DEPENDENCIES
  aws-sdk
  celluloid
