PATH
  remote: .
  specs:
    cloudwatch_poller (0.0.1)
      aws-sdk
      celluloid
      thor

GEM
  remote: http://rubygems.org/
  specs:
    aws-sdk (1.8.0)
      httparty (~> 0.7)
      json (~> 1.4)
      nokogiri (>= 1.4.4)
      uuidtools (~> 2.1)
    celluloid (0.12.4)
      facter (>= 1.6.12)
      timers (>= 1.0.0)
    coderay (1.0.8)
    daemons (1.1.9)
    deckrb (0.5.0)
      coderay
      erector (>= 0.9.0)
      json
      nokogiri
      rack (>= 1.4.1)
      rack-codehighlighter
      redcarpet (~> 2)
      thin
      trollop
    erector (0.9.0)
      treetop (>= 1.2.3)
    eventmachine (1.0.0)
    facter (1.6.17)
    httparty (0.10.0)
      multi_json (~> 1.0)
      multi_xml
    json (1.7.6)
    multi_json (1.5.0)
    multi_xml (0.5.2)
    nokogiri (1.5.6)
    polyglot (0.3.3)
    rack (1.5.0)
    rack-codehighlighter (0.5.0)
      nokogiri (>= 1.4.1)
      rack (>= 1.0.0)
    redcarpet (2.2.2)
    thin (1.5.0)
      daemons (>= 1.0.9)
      eventmachine (>= 0.12.6)
      rack (>= 1.0.0)
    thor (0.17.0)
    timers (1.1.0)
    treetop (1.4.12)
      polyglot
      polyglot (>= 0.3.1)
    trollop (2.0)
    uuidtools (2.1.3)

PLATFORMS
  ruby

DEPENDENCIES
  cloudwatch_poller!
  deckrb
